GEM
  remote: https://rubygems.org/
  specs:
    ruby_deep_clone (0.6.0)

PLATFORMS
  ruby

DEPENDENCIES
  ruby_deep_clone
